GEM
  remote: http://rubygems.org/
  specs:
    httparty (0.9.0)
      multi_json (~> 1.0)
      multi_xml
    json (1.7.7)
    multi_json (1.3.6)
    multi_xml (0.5.1)
    rack (1.4.1)
    rack-contrib (1.1.0)
      rack (>= 0.9.1)
    rack-protection (1.2.0)
      rack
    sinatra (1.3.3)
      rack (~> 1.3, >= 1.3.6)
      rack-protection (~> 1.2)
      tilt (~> 1.3, >= 1.3.3)
    tilt (1.3.3)
    tmail (1.2.7.1)

PLATFORMS
  ruby

DEPENDENCIES
  httparty (~> 0.9)
  json (~> 1.7)
  rack-contrib (~> 1.1)
  sinatra (~> 1.3)
  tmail (~> 1.2)
